GEM
  remote: https://rubygems.org/
  specs:
    coderay (1.1.1)
    method_source (0.8.2)
    pry (0.10.4)
      coderay (~> 1.1.0)
      method_source (~> 0.8.1)
      slop (~> 3.4)
    ruby_http_client (3.0.0)
    sendgrid-ruby (4.0.4)
      ruby_http_client (~> 3.0.0)
    slop (3.6.0)

PLATFORMS
  ruby

DEPENDENCIES
  pry
  sendgrid-ruby

BUNDLED WITH
   1.13.1
